FRAMEWORK: >= NET45
NUGET
  remote: https://www.nuget.org/api/v2
  specs:
    FAKE (4.17.1)
    FsUnit (1.3.0.1)
      NUnit (>= 2.6.3)
    NUnit (2.6.3)
    NUnit.Console (3.0.1)
